PATH
  remote: .
  specs:
    graph_lite (0.0.1)
      activesupport (~> 3.0.9)
      json (~> 1.5.3)
      typhoeus (~> 0.2.4)

GEM
  remote: http://rubygems.org/
  specs:
    activesupport (3.0.9)
    diff-lcs (1.1.2)
    json (1.5.3)
    mime-types (1.16)
    rspec (2.0.1)
      rspec-core (~> 2.0.1)
      rspec-expectations (~> 2.0.1)
      rspec-mocks (~> 2.0.1)
    rspec-core (2.0.1)
    rspec-expectations (2.0.1)
      diff-lcs (>= 1.1.2)
    rspec-mocks (2.0.1)
      rspec-core (~> 2.0.1)
      rspec-expectations (~> 2.0.1)
    typhoeus (0.2.4)
      mime-types
      mime-types

PLATFORMS
  ruby

DEPENDENCIES
  bundler (>= 1.0.0)
  graph_lite!
  rspec (~> 2.0.1)
